GIT
  remote: git://github.com/nanoc/nanoc-external.git
  revision: e8efcfa2c2075222caa31a738280da4147b33f09
  branch: nanoc4
  specs:
    nanoc-external (1.0.1)
      nanoc (>= 3.8.0, < 5.0.0)

GIT
  remote: git://github.com/nanoc/nanoc.git
  revision: 96d6a5c40766bebd43c351d3f8701bf297871503
  specs:
    nanoc (4.0.0rc3)
      cri (~> 2.3)

GEM
  remote: https://rubygems.org/
  specs:
    adsf (1.2.0)
      rack (>= 1.0.0)
    builder (3.2.2)
    chunky_png (1.3.4)
    coderay (1.1.0)
    colored (1.2)
    compass (1.0.3)
      chunky_png (~> 1.2)
      compass-core (~> 1.0.2)
      compass-import-once (~> 1.0.5)
      rb-fsevent (>= 0.9.3)
      rb-inotify (>= 0.9)
      sass (>= 3.3.13, < 3.5)
    compass-core (1.0.3)
      multi_json (~> 1.0)
      sass (>= 3.3.0, < 3.5)
    compass-import-once (1.0.5)
      sass (>= 3.2, < 3.5)
    cri (2.7.0)
      colored (~> 1.2)
    ffi (1.9.8)
    haml (4.0.6)
      tilt
    htmlcompressor (0.3.0)
    jsmin (1.0.1)
    json (1.8.3)
    kramdown (1.5.0)
    mime-types (2.4.3)
    mini_portile (0.6.2)
    multi_json (1.11.1)
    nokogiri (1.6.6.2)
      mini_portile (~> 0.6.0)
    rack (1.6.1)
    rainpress (1.0)
    rb-fsevent (0.9.5)
    rb-inotify (0.9.5)
      ffi (>= 0.5.0)
    sass (3.4.14)
    tilt (2.0.1)

PLATFORMS
  ruby

DEPENDENCIES
  adsf
  builder
  coderay
  compass
  haml
  htmlcompressor
  jsmin
  json
  kramdown
  mime-types
  nanoc!
  nanoc-external!
  nokogiri
  rainpress
  sass

BUNDLED WITH
   1.10.6
